GEM
  remote: https://rubygems.org/
  specs:
    actionmailer (4.2.5)
      actionpack (= 4.2.5)
      actionview (= 4.2.5)
      activejob (= 4.2.5)
      mail (~> 2.5, >= 2.5.4)
      rails-dom-testing (~> 1.0, >= 1.0.5)
    actionpack (4.2.5)
      actionview (= 4.2.5)
      activesupport (= 4.2.5)
      rack (~> 1.6)
      rack-test (~> 0.6.2)
      rails-dom-testing (~> 1.0, >= 1.0.5)
      rails-html-sanitizer (~> 1.0, >= 1.0.2)
    actionview (4.2.5)
      activesupport (= 4.2.5)
      builder (~> 3.1)
      erubis (~> 2.7.0)
      rails-dom-testing (~> 1.0, >= 1.0.5)
      rails-html-sanitizer (~> 1.0, >= 1.0.2)
    activejob (4.2.5)
      activesupport (= 4.2.5)
      globalid (>= 0.3.0)
    activemodel (4.2.5)
      activesupport (= 4.2.5)
      builder (~> 3.1)
    activerecord (4.2.5)
      activemodel (= 4.2.5)
      activesupport (= 4.2.5)
      arel (~> 6.0)
    activesupport (4.2.5)
      i18n (~> 0.7)
      json (~> 1.7, >= 1.7.7)
      minitest (~> 5.1)
      thread_safe (~> 0.3, >= 0.3.4)
      tzinfo (~> 1.1)
    addressable (2.4.0)
    aggregate (0.2.2)
    amq-protocol (2.0.1)
    apns_kit (0.1.2)
      concurrent-ruby (>= 1.0.1)
      http-2 (~> 0.8.1)
      json (> 0)
    arel (6.0.3)
    attr_encrypted (1.4.0)
      encryptor (~> 1.3.0)
    aws-sdk (2.3.9)
      aws-sdk-resources (= 2.3.9)
    aws-sdk-core (2.3.9)
      jmespath (~> 1.0)
    aws-sdk-resources (2.3.9)
      aws-sdk-core (= 2.3.9)
    axiom-types (0.1.1)
      descendants_tracker (~> 0.0.4)
      ice_nine (~> 0.11.0)
      thread_safe (~> 0.3, >= 0.3.1)
    bcrypt (3.1.11)
    browser (2.3.0)
    bson (4.1.0)
    builder (3.2.2)
    bunny (2.2.2)
      amq-protocol (>= 2.0.1)
    classy_hash (0.1.5)
    coercible (1.0.0)
      descendants_tracker (~> 0.0.1)
    colorize (0.7.7)
    concurrent-ruby (1.0.1)
    connection_pool (2.2.0)
    cool.io (1.4.3)
    database_cleaner (1.5.2)
    descendants_tracker (0.0.4)
      thread_safe (~> 0.3, >= 0.3.1)
    diff-lcs (1.2.5)
    domain_name (0.5.20160310)
      unf (>= 0.0.5, < 1.0.0)
    dotenv (2.1.1)
    dotenv-rails (2.1.1)
      dotenv (= 2.1.1)
      railties (>= 4.0, < 5.1)
    elasticsearch (1.0.17)
      elasticsearch-api (= 1.0.17)
      elasticsearch-transport (= 1.0.17)
    elasticsearch-api (1.0.17)
      multi_json
    elasticsearch-model (0.1.8)
      activesupport (> 3)
      elasticsearch (> 0.4)
      hashie
    elasticsearch-rails (0.1.8)
    elasticsearch-transport (1.0.17)
      faraday
      multi_json
    encryptor (1.3.0)
    equalizer (0.0.11)
    erubis (2.7.0)
    factory_girl (4.7.0)
      activesupport (>= 3.0.0)
    factory_girl_rails (4.7.0)
      factory_girl (~> 4.7.0)
      railties (>= 3.0.0)
    faker (1.6.3)
      i18n (~> 0.5)
    faraday (0.9.2)
      multipart-post (>= 1.2, < 3)
    fcm (0.0.1)
      httparty
      json
    fluent-logger (0.5.1)
      msgpack (>= 0.4.4, < 0.6.0, != 0.5.3, != 0.5.2, != 0.5.1, != 0.5.0)
    fluent-mixin-config-placeholders (0.3.1)
      fluentd
      uuidtools (>= 2.1.5)
    fluent-plugin-secure-forward (0.4.1)
      fluent-mixin-config-placeholders (>= 0.3.0)
      fluentd (>= 0.10.46)
      proxifier
      resolve-hostname
    fluentd (0.12.22)
      cool.io (>= 1.2.2, < 2.0.0)
      http_parser.rb (>= 0.5.1, < 0.7.0)
      json (>= 1.4.3)
      msgpack (>= 0.5.11, < 0.6.0)
      sigdump (~> 0.2.2)
      string-scrub (>= 0.0.3)
      tzinfo (>= 1.0.0)
      tzinfo-data (>= 1.0.0)
      yajl-ruby (~> 1.0)
    globalid (0.3.6)
      activesupport (>= 4.1.0)
    google-api-client (0.9.8)
      addressable (~> 2.3)
      googleauth (~> 0.5)
      httpclient (~> 2.7)
      hurley (~> 0.1)
      memoist (~> 0.11)
      mime-types (>= 1.6)
      representable (~> 2.3.0)
      retriable (~> 2.0)
      thor (~> 0.19)
    google_places (0.32.0)
      httparty (~> 0.13.1)
    googleauth (0.5.1)
      faraday (~> 0.9)
      jwt (~> 1.4)
      logging (~> 2.0)
      memoist (~> 0.12)
      multi_json (~> 1.11)
      os (~> 0.9)
      signet (~> 0.7)
    hashie (3.4.3)
    hetchy (1.0.0)
    http-2 (0.8.2)
    http-cookie (1.0.2)
      domain_name (~> 0.5)
    http_parser.rb (0.6.0)
    httparty (0.13.7)
      json (~> 1.8)
      multi_xml (>= 0.5.2)
    httpclient (2.8.0)
    hurley (0.2)
    i18n (0.7.0)
    ice_nine (0.11.2)
    jmespath (1.2.4)
      json_pure (>= 1.8.1)
    json (1.8.3)
    json_pure (1.8.3)
    jwt (1.5.4)
    librato-metrics (1.6.1)
      aggregate (~> 0.2.2)
      faraday (~> 0.7)
      multi_json
    librato-rack (1.0.0)
      hetchy (~> 1.0)
      librato-metrics (~> 1.6)
    librato-rails (1.3.0)
      activesupport (>= 3.0)
      librato-rack (= 1.0.0)
      railties (>= 3.0)
    little-plugger (1.1.4)
    logging (2.1.0)
      little-plugger (~> 1.1)
      multi_json (~> 1.10)
    loofah (2.0.3)
      nokogiri (>= 1.5.9)
    mail (2.6.4)
      mime-types (>= 1.16, < 4)
    mailgun-ruby (1.0.3)
      json (~> 1.8)
      rest-client (~> 1.6)
    memoist (0.14.0)
    mime-types (2.99.1)
    mini_portile2 (2.0.0)
    minitest (5.8.4)
    mongo (2.2.4)
      bson (~> 4.0)
    msgpack (0.5.12)
    multi_json (1.11.2)
    multi_xml (0.5.5)
    multipart-post (2.0.0)
    netrc (0.11.0)
    nokogiri (1.6.7.2)
      mini_portile2 (~> 2.0.0.rc2)
    oj (2.17.1)
    os (0.9.6)
    pg (0.18.4)
    pg_array_parser (0.0.9)
    postgres_ext (3.0.0)
      activerecord (>= 4.0.0)
      arel (>= 4.0.1)
      pg_array_parser (~> 0.0.9)
    proxifier (1.0.3)
    puma (3.4.0)
    rack (1.6.4)
    rack-cors (0.4.0)
    rack-test (0.6.3)
      rack (>= 1.0)
    rails (4.2.5)
      actionmailer (= 4.2.5)
      actionpack (= 4.2.5)
      actionview (= 4.2.5)
      activejob (= 4.2.5)
      activemodel (= 4.2.5)
      activerecord (= 4.2.5)
      activesupport (= 4.2.5)
      bundler (>= 1.3.0, < 2.0)
      railties (= 4.2.5)
      sprockets-rails
    rails-api (0.4.0)
      actionpack (>= 3.2.11)
      railties (>= 3.2.11)
    rails-deprecated_sanitizer (1.0.3)
      activesupport (>= 4.2.0.alpha)
    rails-dom-testing (1.0.7)
      activesupport (>= 4.2.0.beta, < 5.0)
      nokogiri (~> 1.6.0)
      rails-deprecated_sanitizer (>= 1.0.1)
    rails-html-sanitizer (1.0.3)
      loofah (~> 2.0)
    railties (4.2.5)
      actionpack (= 4.2.5)
      activesupport (= 4.2.5)
      rake (>= 0.8.7)
      thor (>= 0.18.1, < 2.0)
    rake (11.1.2)
    redis (3.3.0)
    representable (2.3.0)
      uber (~> 0.0.7)
    resolve-hostname (0.0.4)
    rest-client (1.8.0)
      http-cookie (>= 1.0.2, < 2.0)
      mime-types (>= 1.16, < 3.0)
      netrc (~> 0.7)
    retriable (2.1.0)
    rspec-core (3.4.4)
      rspec-support (~> 3.4.0)
    rspec-expectations (3.4.0)
      diff-lcs (>= 1.2.0, < 2.0)
      rspec-support (~> 3.4.0)
    rspec-mocks (3.4.1)
      diff-lcs (>= 1.2.0, < 2.0)
      rspec-support (~> 3.4.0)
    rspec-rails (3.4.2)
      actionpack (>= 3.0, < 4.3)
      activesupport (>= 3.0, < 4.3)
      railties (>= 3.0, < 4.3)
      rspec-core (~> 3.4.0)
      rspec-expectations (~> 3.4.0)
      rspec-mocks (~> 3.4.0)
      rspec-support (~> 3.4.0)
    rspec-support (3.4.1)
    sentry-raven (0.15.6)
      faraday (>= 0.7.6)
    serverengine (1.5.11)
      sigdump (~> 0.2.2)
    sigdump (0.2.4)
    signet (0.7.2)
      addressable (~> 2.3)
      faraday (~> 0.9)
      jwt (~> 1.5)
      multi_json (~> 1.10)
    sneakers (2.3.5)
      bunny (~> 2.2.0)
      serverengine (~> 1.5.11)
      thor
      thread (~> 0.1.7)
    sprockets (3.6.0)
      concurrent-ruby (~> 1.0)
      rack (> 1, < 3)
    sprockets-rails (3.0.4)
      actionpack (>= 4.0)
      activesupport (>= 4.0)
      sprockets (>= 3.0.0)
    sqlite3 (1.3.11)
    string-scrub (0.0.5)
    thor (0.19.1)
    thread (0.1.7)
    thread_safe (0.3.5)
    tinify (1.3.0)
      httpclient (~> 2.6)
    tzinfo (1.2.2)
      thread_safe (~> 0.1)
    tzinfo-data (1.2016.3)
      tzinfo (>= 1.0.0)
    uber (0.0.15)
    unf (0.1.4)
      unf_ext
    unf_ext (0.0.7.2)
    uuidtools (2.1.5)
    versionist (1.5.0)
      activesupport (>= 3)
      railties (>= 3)
      yard (~> 0.7)
    virtus (1.0.5)
      axiom-types (~> 0.1)
      coercible (~> 1.0)
      descendants_tracker (~> 0.0, >= 0.0.3)
      equalizer (~> 0.0, >= 0.0.9)
    will_paginate (3.1.0)
    yajl-ruby (1.2.1)
    yard (0.8.7.6)

PLATFORMS
  ruby

DEPENDENCIES
  apns_kit (~> 0.1.2)
  attr_encrypted (~> 1.3, >= 1.3.5)
  aws-sdk (~> 2.3, >= 2.3.9)
  bcrypt (~> 3.1, >= 3.1.10)
  browser (~> 2.3)
  bunny (~> 2.2, >= 2.2.1)
  classy_hash (~> 0.1.5)
  colorize (~> 0.7.7)
  concurrent-ruby (~> 1.0, >= 1.0.1)
  connection_pool (~> 2.2)
  database_cleaner (~> 1.5, >= 1.5.1)
  dotenv-rails
  elasticsearch-model (~> 0.1.8)
  elasticsearch-rails (~> 0.1.8)
  factory_girl_rails (~> 4.5)
  faker (~> 1.6, >= 1.6.1)
  fcm (~> 0.0.1)
  fluent-logger (~> 0.5.1)
  fluent-plugin-secure-forward (~> 0.4.0)
  fluentd (~> 0.12.22)
  google-api-client (~> 0.9.8)
  google_places (~> 0.32.0)
  httparty (~> 0.13.7)
  jwt (~> 1.5, >= 1.5.2)
  librato-rails (~> 1.3)
  mailgun-ruby (~> 1.0.3)
  mongo (~> 2.2, >= 2.2.4)
  oj (~> 2.17, >= 2.17.1)
  pg (~> 0.18.4)
  postgres_ext (~> 3.0)
  puma (~> 3.4)
  rack-cors (~> 0.4.0)
  rails (= 4.2.5)
  rails-api
  redis (~> 3.2, >= 3.2.2)
  rspec-rails (~> 3.0)
  sentry-raven (~> 0.15.6)
  sneakers (~> 2.3, >= 2.3.5)
  sqlite3 (~> 1.3, >= 1.3.11)
  tinify (~> 1.3)
  versionist (~> 1.4, >= 1.4.1)
  virtus (~> 1.0, >= 1.0.5)
  will_paginate (~> 3.0, >= 3.0.7)

RUBY VERSION
   ruby 2.3.3p222

BUNDLED WITH
   1.14.4
