GEM
  remote: https://rubygems.org/
  specs:
    cool.io (1.4.5)
    fluent-plugin-secure-forward (0.4.3)
      fluentd (>= 0.10.46)
      proxifier
      resolve-hostname
    fluentd (0.14.6)
      cool.io (~> 1.4.5)
      http_parser.rb (>= 0.5.1, < 0.7.0)
      msgpack (>= 0.7.0, < 2.0.0)
      serverengine (~> 2.0)
      sigdump (~> 0.2.2)
      strptime (~> 0.1.7)
      tzinfo (~> 1.0)
      tzinfo-data (~> 1.0)
      yajl-ruby (~> 1.0)
    http_parser.rb (0.6.0)
    msgpack (1.0.0)
    proxifier (1.0.3)
    resolve-hostname (0.0.4)
    serverengine (2.0.0)
      sigdump (~> 0.2.2)
    sigdump (0.2.4)
    strptime (0.1.8)
    thread_safe (0.3.5)
    tzinfo (1.2.2)
      thread_safe (~> 0.1)
    tzinfo-data (1.2016.6)
      tzinfo (>= 1.0.0)
    yajl-ruby (1.2.1)

PLATFORMS
  ruby

DEPENDENCIES
  fluent-plugin-secure-forward (~> 0.4.2)
  fluentd (~> 0.14.1)

BUNDLED WITH
   1.11.2
